GEM
  remote: https://rubygems.org/
  specs:
    rack (2.2.3)
    rack-ssl-enforcer (0.2.9)

PLATFORMS
  ruby

DEPENDENCIES
  rack
  rack-ssl-enforcer

BUNDLED WITH
   1.17.2
