GEM
  remote: https://rubygems.org/
  specs:
    daemons (1.3.1)
    eventmachine (1.2.7)
    rack (2.2.3)
    rack-contrib (2.2.0)
      rack (~> 2.0)
    rack-ssl-enforcer (0.2.9)
    thin (1.7.2)
      daemons (~> 1.0, >= 1.0.9)
      eventmachine (~> 1.0, >= 1.0.4)
      rack (>= 1, < 3)

PLATFORMS
  ruby

DEPENDENCIES
  rack
  rack-contrib
  rack-ssl-enforcer
  thin

BUNDLED WITH
   1.17.2
